GEM
  remote: https://www.rubygems.org/
  specs:
    CFPropertyList (2.3.2)
    activesupport (4.2.5)
      i18n (~> 0.7)
      json (~> 1.7, >= 1.7.7)
      minitest (~> 5.1)
      thread_safe (~> 0.3, >= 0.3.4)
      tzinfo (~> 1.1)
    addressable (2.3.8)
    appium_console (1.0.4)
      appium_lib (>= 1.0.0)
      bond (~> 0.5.1)
      pry (~> 0.10.1)
      spec (>= 5.3.4)
    appium_lib (8.0.0)
      awesome_print (~> 1.6)
      json (~> 1.8)
      nokogiri (~> 1.6.6)
      selenium-webdriver (~> 2.48)
      toml (~> 0.0)
    autoparse (0.3.3)
      addressable (>= 2.3.1)
      extlib (>= 0.9.15)
      multi_json (>= 1.0.0)
    awesome_print (1.6.1)
    babosa (1.0.2)
    blankslate (2.1.2.4)
    bond (0.5.1)
    builder (3.2.2)
    calabash-common (0.0.2)
    calabash-cucumber (0.16.4)
      CFPropertyList
      awesome_print
      bundler (~> 1.3)
      calabash-common (~> 0.0.2)
      cucumber (~> 1.3.17)
      edn (>= 1.0.6, < 2.0)
      geocoder (>= 1.1.8, < 2.0)
      httpclient (>= 2.3.2, < 3.0)
      json
      run_loop (>= 1.5.5, < 2.0)
      sim_launcher (~> 0.4.13)
      slowhandcuke (~> 0.0.3)
    cert (1.2.3)
      fastlane_core (>= 0.19.0, < 1.0.0)
      spaceship (>= 0.6.0)
    childprocess (0.5.8)
      ffi (~> 1.0, >= 1.0.11)
    chronic_duration (0.10.6)
      numerizer (~> 0.1.1)
    claide (0.9.1)
    coderay (1.1.0)
    colored (1.2)
    command_runner_ng (0.1.0)
    commander (4.3.5)
      highline (~> 1.7.2)
    credentials_manager (0.11.0)
      colored
      highline (>= 1.7.1)
      security
    cucumber (1.3.20)
      builder (>= 2.1.2)
      diff-lcs (>= 1.1.3)
      gherkin (~> 2.12)
      multi_json (>= 1.7.5, < 2.0)
      multi_test (>= 0.1.2)
    deliver (1.5.1)
      credentials_manager (>= 0.9.0)
      fastimage (~> 1.6.3)
      fastlane_core (>= 0.19.0, < 1.0.0)
      plist (~> 3.1.0)
      spaceship (>= 0.14.0, <= 1.0.0)
    diff-lcs (1.2.5)
    domain_name (0.5.25)
      unf (>= 0.0.5, < 1.0.0)
    dotenv (2.0.2)
    edn (1.1.0)
    excon (0.45.4)
    extlib (0.9.16)
    faraday (0.9.2)
      multipart-post (>= 1.2, < 3)
    faraday_middleware (0.10.0)
      faraday (>= 0.7.4, < 0.10)
    fastimage (1.6.8)
      addressable (~> 2.3, >= 2.3.5)
    fastlane (1.36.4)
      addressable (~> 2.3.8)
      cert (>= 1.1.0, < 2.0.0)
      credentials_manager (>= 0.10.0, < 1.0.0)
      deliver (>= 1.5.0, < 2.0.0)
      fastlane_core (>= 0.26.1, < 1.0.0)
      frameit (>= 2.2.2, < 3.0.0)
      gym (>= 1.1.1, < 2.0.0)
      krausefx-shenzhen (>= 0.14.6)
      pbxplorer (~> 1.0.0)
      pem (>= 1.0.0, < 2.0.0)
      pilot (>= 1.0.0, < 2.0.0)
      plist (~> 3.1.0)
      produce (>= 1.0.0, < 2.0.0)
      rest-client (~> 1.8.0)
      scan (>= 0.2.0, < 1.0.0)
      sigh (>= 1.1.1, < 2.0.0)
      slack-notifier (~> 1.3)
      snapshot (>= 1.0.4, < 2.0.0)
      spaceship (>= 0.13.0, < 1.0.0)
      supply (>= 0.2.1, < 1.0.0)
      terminal-notifier (~> 1.6.2)
      terminal-table (~> 1.4.5)
      xcodeproj (>= 0.20, < 1.0.0)
      xcpretty (>= 0.2.1)
    fastlane_core (0.26.5)
      babosa
      colored
      commander (>= 4.3.5)
      credentials_manager (>= 0.11.0, < 1.0.0)
      excon (~> 0.45.0)
      highline (>= 1.7.2)
      json
      multi_json
      plist (~> 3.1)
      rubyzip (~> 1.1.6)
      sentry-raven (~> 0.15)
      terminal-table (~> 1.4.5)
    ffi (1.9.10)
    frameit (2.4.0)
      deliver (> 0.3)
      fastimage (~> 1.6.3)
      fastlane_core (>= 0.16.0, < 1.0.0)
      mini_magick (~> 4.0.2)
    geocoder (1.2.12)
    gherkin (2.12.2)
      multi_json (~> 1.3)
    google-api-client (0.8.6)
      activesupport (>= 3.2)
      addressable (~> 2.3)
      autoparse (~> 0.3)
      extlib (~> 0.9)
      faraday (~> 0.9)
      googleauth (~> 0.3)
      launchy (~> 2.4)
      multi_json (~> 1.10)
      retriable (~> 1.4)
      signet (~> 0.6)
    googleauth (0.4.2)
      faraday (~> 0.9)
      jwt (~> 1.4)
      logging (~> 2.0)
      memoist (~> 0.12)
      multi_json (~> 1.11)
      signet (~> 0.6)
    gym (1.1.6)
      fastlane_core (>= 0.25.0, < 1.0.0)
      plist
      rubyzip (>= 1.1.7)
      terminal-table
      xcpretty (>= 0.2.1)
    highline (1.7.8)
    http-cookie (1.0.2)
      domain_name (~> 0.5)
    httpclient (2.7.0.1)
    i18n (0.7.0)
    json (1.8.3)
    jwt (1.5.2)
    krausefx-shenzhen (0.14.6)
      commander (~> 4.3)
      dotenv (>= 0.7)
      faraday (~> 0.9)
      faraday_middleware (~> 0.9)
      highline (>= 1.7.2)
      json (~> 1.8)
      net-sftp (~> 2.1.2)
      plist (~> 3.1.0)
      rubyzip (~> 1.1)
      security (~> 0.1.3)
      terminal-table (~> 1.4.5)
    launchy (2.4.3)
      addressable (~> 2.3)
    little-plugger (1.1.4)
    logging (2.0.0)
      little-plugger (~> 1.1)
      multi_json (~> 1.10)
    memoist (0.12.0)
    method_source (0.8.2)
    mime-types (2.99)
    mini_magick (4.0.4)
    mini_portile (0.6.2)
    minitest (5.8.3)
    multi_json (1.11.2)
    multi_test (0.1.2)
    multi_xml (0.5.5)
    multipart-post (2.0.0)
    net-sftp (2.1.2)
      net-ssh (>= 2.6.5)
    net-ssh (3.0.1)
    netrc (0.11.0)
    nokogiri (1.6.6.4)
      mini_portile (~> 0.6.0)
    numerizer (0.1.1)
    parslet (1.5.0)
      blankslate (~> 2.0)
    pbxplorer (1.0.0)
    pem (1.0.1)
      fastlane_core (>= 0.21.0, < 1.0.0)
      spaceship (>= 0.12.0, < 1.0.0)
    pilot (1.0.1)
      credentials_manager (>= 0.3.0)
      fastlane_core (>= 0.16.1, < 1.0.0)
      spaceship (>= 0.14.0, < 1.0.0)
      terminal-table (~> 1.4.5)
    plist (3.1.0)
    produce (1.0.0)
      fastlane_core (>= 0.22.3, < 1.0.0)
      spaceship (>= 0.12.0)
    pry (0.10.3)
      coderay (~> 1.1.0)
      method_source (~> 0.8.1)
      slop (~> 3.4)
    rack (1.6.4)
    rack-protection (1.5.3)
      rack
    rest-client (1.8.0)
      http-cookie (>= 1.0.2, < 2.0)
      mime-types (>= 1.16, < 3.0)
      netrc (~> 0.7)
    retriable (1.4.1)
    rouge (1.10.1)
    rspec (3.1.0)
      rspec-core (~> 3.1.0)
      rspec-expectations (~> 3.1.0)
      rspec-mocks (~> 3.1.0)
    rspec-core (3.1.7)
      rspec-support (~> 3.1.0)
    rspec-expectations (3.1.2)
      diff-lcs (>= 1.2.0, < 2.0)
      rspec-support (~> 3.1.0)
    rspec-mocks (3.1.3)
      rspec-support (~> 3.1.0)
    rspec-support (3.1.2)
    rubyzip (1.1.7)
    run_loop (1.5.6)
      CFPropertyList (~> 2.2)
      awesome_print (~> 1.2)
      command_runner_ng (>= 0.0.2)
      json (~> 1.8)
      retriable (>= 1.3.3.1, < 2.1)
      thor (>= 0.18.1, < 1.0)
    scan (0.3.1)
      fastlane_core (>= 0.25.3, < 1.0.0)
      slack-notifier (~> 1.3)
      terminal-table
      xcpretty (>= 0.2.1)
      xcpretty-travis-formatter (>= 0.0.3)
    security (0.1.3)
    selenium-webdriver (2.48.1)
      childprocess (~> 0.5)
      multi_json (~> 1.0)
      rubyzip (~> 1.0)
      websocket (~> 1.0)
    sentry-raven (0.15.2)
      faraday (>= 0.7.6)
    sigh (1.1.3)
      fastlane_core (>= 0.19.0, < 1.0.0)
      plist (~> 3.1)
      spaceship (>= 0.12.3)
    signet (0.6.1)
      addressable (~> 2.3)
      extlib (~> 0.9)
      faraday (~> 0.9)
      jwt (~> 1.5)
      multi_json (~> 1.10)
    sim_launcher (0.4.13)
      sinatra
    sinatra (1.4.6)
      rack (~> 1.4)
      rack-protection (~> 1.4)
      tilt (>= 1.3, < 3)
    slack-notifier (1.4.0)
    slop (3.6.0)
    slowhandcuke (0.0.3)
      cucumber
    snapshot (1.1.1)
      fastimage (~> 1.6.3)
      fastlane_core (>= 0.21.0, < 1.0.0)
      plist (~> 3.1.0)
      xcpretty (>= 0.2.1)
    spaceship (0.14.2)
      colored
      credentials_manager (>= 0.9.0)
      faraday (~> 0.9)
      faraday_middleware (~> 0.9)
      fastimage (~> 1.6)
      multi_xml (~> 0.5)
      plist (~> 3.1)
      pry
    spec (5.3.4)
      chronic_duration (~> 0.10.2)
    supply (0.2.2)
      credentials_manager (>= 0.10.0)
      fastlane_core (>= 0.19.0)
      google-api-client (~> 0.8.6)
    terminal-notifier (1.6.3)
    terminal-table (1.4.5)
    thor (0.19.1)
    thread_safe (0.3.5)
    tilt (2.0.1)
    toml (0.1.2)
      parslet (~> 1.5.0)
    tzinfo (1.2.2)
      thread_safe (~> 0.1)
    unf (0.1.4)
      unf_ext
    unf_ext (0.0.7.1)
    websocket (1.2.2)
    xcodeproj (0.28.2)
      activesupport (>= 3)
      claide (~> 0.9.1)
      colored (~> 1.2)
    xcpretty (0.2.1)
      rouge (~> 1.8)
    xcpretty-travis-formatter (0.0.4)
      xcpretty (~> 0.2, >= 0.0.7)

PLATFORMS
  ruby

DEPENDENCIES
  appium_console (~> 1.0.4)
  appium_lib (~> 8.0.0)
  calabash-cucumber (>= 0.16.4, < 1.0)
  fastlane (~> 1.36.4)
  rspec (~> 3.1.0)

BUNDLED WITH
   1.10.6
